GEM
  remote: https://rubygems.org/
  specs:
    colored (1.2)
    rake (10.0.4)

PLATFORMS
  ruby

DEPENDENCIES
  colored
  rake
