PATH
  remote: ~/Code/Explore/clik
  specs:
    clik (0.1.0)

GEM
  remote: https://rubygems.org/
  specs:
    colored (1.2)
    rake (10.0.4)

PLATFORMS
  ruby

DEPENDENCIES
  clik!
  colored
  rake
