GEM
  remote: https://rubygems.org/
  specs:
    cape-cod (0.1.1)
    clik (0.1.0)
    rake (10.0.4)

PLATFORMS
  ruby

DEPENDENCIES
  cape-cod
  clik
  rake
