GEM
  remote: https://rubygems.org/
  specs:
    clik (0.1.0)
    colored (1.2)
    rake (10.0.4)

PLATFORMS
  ruby

DEPENDENCIES
  clik
  colored
  rake
